GEM
  remote: https://rubygems.org/
  specs:
    to_regexp (0.2.1)

PLATFORMS
  ruby

DEPENDENCIES
  to_regexp (~> 0.2.1)

BUNDLED WITH
   1.13.5
